PATH
  remote: .
  specs:
    adventurous-hilda (0.0.14)

GEM
  specs:

PLATFORMS
  x64-mingw32

DEPENDENCIES
  adventurous-hilda!

BUNDLED WITH
   2.1.4
