PATH
  remote: .
  specs:
    adventure (0.0.12)

GEM
  specs:

PLATFORMS
  x64-mingw32

DEPENDENCIES
  adventure!

BUNDLED WITH
   2.1.4
